GEM
  specs:
    commander (4.4.7)
      highline (~> 2.0.0)
    highline (2.0.1)

PLATFORMS
  ruby

DEPENDENCIES
  commander (~> 4.4)

BUNDLED WITH
   1.17.3
